GEM
  remote: https://rubygems.org/
  specs:
    curb (0.8.6)
    ethon (0.7.1)
      ffi (>= 1.3.0)
    ffi (1.9.6)
    daemon_controller (1.2.0)
    newrelic_rpm (3.9.7.266)
    passenger (5.0.0.beta1)
      daemon_controller (>= 1.2.0)
      rack
      rake (>= 0.8.1)
    rack (1.5.2)
    rack-protection (1.5.3)
      rack
    rake (10.4.0)
    sinatra (1.4.5)
      rack (~> 1.4)
      rack-protection (~> 1.4)
      tilt (~> 1.3, >= 1.3.4)
    tilt (1.4.1)
    typhoeus (0.6.9)
      ethon (>= 0.7.1)

PLATFORMS
  ruby

DEPENDENCIES
  curb
  newrelic_rpm
  passenger (= 5.0.0.beta1)
  sinatra
  typhoeus
